GIT
  remote: git://github.com/30robots/rb-gsl.git
  revision: ba998baac6956fc139103a69b1508fddc2b06a88
  specs:
    gsl (1.14.7)
      narray (>= 0.5.9)

GEM
  remote: https://rubygems.org/
  remote: http://systems.extension.org/rubygems/
  specs:
    actionmailer (3.2.5)
      actionpack (= 3.2.5)
      mail (~> 2.4.4)
    actionpack (3.2.5)
      activemodel (= 3.2.5)
      activesupport (= 3.2.5)
      builder (~> 3.0.0)
      erubis (~> 2.7.0)
      journey (~> 1.0.1)
      rack (~> 1.4.0)
      rack-cache (~> 1.2)
      rack-test (~> 0.6.1)
      sprockets (~> 2.1.3)
    activemodel (3.2.5)
      activesupport (= 3.2.5)
      builder (~> 3.0.0)
    activerecord (3.2.5)
      activemodel (= 3.2.5)
      activesupport (= 3.2.5)
      arel (~> 3.0.2)
      tzinfo (~> 0.3.29)
    activeresource (3.2.5)
      activemodel (= 3.2.5)
      activesupport (= 3.2.5)
    activesupport (3.2.5)
      i18n (~> 0.6)
      multi_json (~> 1.0)
    addressable (2.2.8)
    anjlab-bootstrap-rails (2.0.4.1)
      railties (>= 3.0)
      sass
    arel (3.0.2)
    builder (3.0.0)
    capatross (1.0.4)
      capistrano (>= 2.11)
      grit (>= 2.4)
      httparty (>= 0.8)
    capistrano (2.12.0)
      highline
      net-scp (>= 1.0.0)
      net-sftp (>= 2.0.0)
      net-ssh (>= 2.0.14)
      net-ssh-gateway (>= 1.1.0)
    clbustos-rtf (0.4.2)
    coderay (1.0.6)
    coffee-rails (3.2.2)
      coffee-script (>= 2.2.0)
      railties (~> 3.2.0)
    coffee-script (2.2.0)
      coffee-script-source
      execjs
    coffee-script-source (1.3.3)
    crack (0.3.1)
    daemons (1.1.8)
    delayed_job (3.0.3)
      activesupport (~> 3.0)
    delayed_job_active_record (0.3.2)
      activerecord (> 2.1.0)
      delayed_job (~> 3.0.0)
    diff-lcs (1.1.3)
    dirty-memoize (0.0.4)
    distribution (0.7.0)
    erubis (2.7.0)
    eventmachine (0.12.10)
    execjs (1.4.0)
      multi_json (~> 1.0)
    extendmatrix (0.3.1)
    faraday (0.7.6)
      addressable (~> 2.2)
      multipart-post (~> 1.1)
      rack (~> 1.1)
    faraday_middleware (0.7.0)
      faraday (~> 0.7.3)
    fastercsv (1.5.5)
    garb (0.9.1)
      activesupport (>= 2.2.0)
      crack (>= 0.1.6)
    grit (2.5.0)
      diff-lcs (~> 1.1)
      mime-types (~> 1.15)
      posix-spawn (~> 0.3.6)
    hashie (1.2.0)
    highline (1.6.12)
    hike (1.2.1)
    http_parser.rb (0.5.3)
    httparty (0.8.3)
      multi_json (~> 1.0)
      multi_xml
    i18n (0.6.0)
    journey (1.0.3)
    jquery-rails (2.0.2)
      railties (>= 3.2.0, < 5.0)
      thor (~> 0.14)
    json (1.7.3)
    kaminari (0.13.0)
      actionpack (>= 3.0.0)
      activesupport (>= 3.0.0)
      railties (>= 3.0.0)
    mail (2.4.4)
      i18n (>= 0.4.0)
      mime-types (~> 1.16)
      treetop (~> 1.4.8)
    method_source (0.7.1)
    mime-types (1.18)
    minimization (0.2.1)
      text-table (~> 1.2)
    multi_json (1.3.6)
    multi_xml (0.5.1)
    multipart-post (1.1.5)
    mysql2 (0.3.11)
    narray (0.6.0.1)
    net-http-spy (0.2.1)
    net-scp (1.0.4)
      net-ssh (>= 1.99.1)
    net-sftp (2.0.5)
      net-ssh (>= 2.0.9)
    net-ssh (2.5.2)
    net-ssh-gateway (1.1.0)
      net-ssh (>= 1.99.1)
    omniauth (1.1.0)
      hashie (~> 1.2)
      rack
    omniauth-openid (1.0.1)
      omniauth (~> 1.0)
      rack-openid (~> 1.3.1)
    polyglot (0.3.3)
    posix-spawn (0.3.6)
    powder (0.1.8)
      thor (>= 0.11.5)
    prawn (0.8.4)
      prawn-core (>= 0.8.4, < 0.9)
      prawn-layout (>= 0.8.4, < 0.9)
      prawn-security (>= 0.8.4, < 0.9)
    prawn-core (0.8.4)
    prawn-layout (0.8.4)
    prawn-security (0.8.4)
    prawn-svg (0.9.1.11)
      prawn (>= 0.8.4)
    pry (0.9.9.6)
      coderay (~> 1.0.5)
      method_source (~> 0.7.1)
      slop (>= 2.4.4, < 3)
    rack (1.4.1)
    rack-cache (1.2)
      rack (>= 0.4)
    rack-openid (1.3.1)
      rack (>= 1.1.0)
      ruby-openid (>= 2.1.8)
    rack-ssl (1.3.2)
      rack
    rack-test (0.6.1)
      rack (>= 1.0)
    rails (3.2.5)
      actionmailer (= 3.2.5)
      actionpack (= 3.2.5)
      activerecord (= 3.2.5)
      activeresource (= 3.2.5)
      activesupport (= 3.2.5)
      bundler (~> 1.0)
      railties (= 3.2.5)
    rails_config (0.3.0)
      activesupport (>= 3.0)
    railties (3.2.5)
      actionpack (= 3.2.5)
      activesupport (= 3.2.5)
      rack-ssl (~> 1.3.2)
      rake (>= 0.8.7)
      rdoc (~> 3.4)
      thor (>= 0.14.6, < 2.0)
    rake (0.9.2.2)
    rake-compiler (0.8.1)
      rake
    rdoc (3.12)
      json (~> 1.4)
    reportbuilder (1.4.2)
      clbustos-rtf (~> 0.4.0)
      prawn (~> 0.8.4)
      prawn-svg (~> 0.9.1)
      text-table (~> 1.2)
    rserve-client (0.2.5)
    ruby-ole (1.2.11.3)
    ruby-openid (2.1.8)
    rubyvis (0.5.1)
    safe_attributes (1.0.8)
      activerecord (>= 3.0.0)
      activesupport (>= 3.0.0)
    sass (3.1.19)
    sass-rails (3.2.5)
      railties (~> 3.2.0)
      sass (>= 3.1.10)
      tilt (~> 1.3)
    simple_oauth (0.1.8)
    slop (2.4.4)
    spreadsheet (0.6.9)
      ruby-ole (>= 1.0)
    sprockets (2.1.3)
      hike (~> 1.2)
      rack (~> 1.0)
      tilt (~> 1.1, != 1.3.0)
    statistics2 (0.54)
    statsample (1.2.0)
      dirty-memoize (~> 0.0)
      distribution (~> 0.6)
      extendmatrix (~> 0.3.1)
      fastercsv (> 0)
      minimization (~> 0.2.0)
      reportbuilder (~> 1.4)
      rserve-client (~> 0.2.5)
      rubyvis (~> 0.5)
      spreadsheet (~> 0.6.5)
      statsample-bivariate-extension (> 0)
    statsample-bivariate-extension (1.1.0)
      distribution (~> 0.6)
    statsample-optimization (2.1.1)
      gsl (~> 1.14)
      rake-compiler
      statistics2 (~> 0.54)
      statsample (~> 1.2)
    text-table (1.2.2)
    thor (0.15.2)
    tilt (1.3.3)
    tinder (1.8.0)
      activesupport (>= 2.3, < 4)
      eventmachine (~> 0.12)
      faraday (>= 0.6, < 0.8)
      faraday_middleware (>= 0.6, < 0.8)
      hashie (~> 1.0)
      mime-types (~> 1.16)
      multi_json (~> 1.0)
      multipart-post (~> 1.1)
      twitter-stream (~> 0.1)
    treetop (1.4.10)
      polyglot
      polyglot (>= 0.3.1)
    twitter-stream (0.1.15)
      eventmachine (>= 0.12.8)
      http_parser.rb (~> 0.5.1)
      simple_oauth (~> 0.1.4)
    tzinfo (0.3.33)
    uglifier (1.2.4)
      execjs (>= 0.3.0)
      multi_json (>= 1.0.2)

PLATFORMS
  ruby

DEPENDENCIES
  anjlab-bootstrap-rails (>= 2.0)
  capatross
  capistrano
  coffee-rails (~> 3.2.1)
  daemons
  delayed_job_active_record
  garb
  gsl!
  jquery-rails
  kaminari
  mysql2
  net-http-spy
  omniauth (~> 1.0)
  omniauth-openid
  powder
  pry
  rails (~> 3.2.3)
  rails_config
  safe_attributes
  sass-rails (~> 3.2.3)
  statsample-optimization
  thor
  tinder (~> 1.8.0)
  uglifier (>= 1.0.3)
